GEM
  remote: https://rubygems.org/
  specs:
    mini_exiftool (2.9.0)
    optimist (3.0.0)
    ruby-progressbar (1.10.0)
    table_print (1.5.6)

PLATFORMS
  ruby

DEPENDENCIES
  mini_exiftool
  optimist
  ruby-progressbar
  table_print

BUNDLED WITH
   2.0.1
